NUGET
  remote: https://www.nuget.org/api/v2
    FAKE (4.17)
    FSharp.Core (4.0.0.1)
    Ical.Net (2.2.31)
    Newtonsoft.Json (8.0.2)
    Suave (1.0)
      FSharp.Core (>= 3.1.2.5)
