NUGET
  remote: https://www.nuget.org/api/v2
  specs:
    FAKE (4.17.0)
    FSharp.Core (4.0.0.1)
    Newtonsoft.Json (8.0.2)
    Suave (1.0.0)
      FSharp.Core (>= 3.1.2.5)
GITHUB
  remote: devcrafting/DDay.iCal
  specs:
    FULLPROJECT (c76d06c158d371bb4b86bafd16782154d4bb3fbb)